GIT
  remote: git://github.com/donaldguy/lita-hue.git
  revision: 7253a7896c49ce04b87b29aadf204470a5e15b7d
  specs:
    lita-hue (0.1.0)
      css_color
      hue-lib
      lita (>= 4.5)

GEM
  remote: https://rubygems.org/
  specs:
    color (1.7.1)
    css_color (1.0.1)
      color
    eventmachine (1.0.8)
    faraday (0.9.1)
      multipart-post (>= 1.2, < 3)
    faye-websocket (0.10.0)
      eventmachine (>= 0.12.0)
      websocket-driver (>= 0.5.1)
    fuzzy_match (2.1.0)
    http_router (0.11.2)
      rack (>= 1.0.0)
      url_mount (~> 0.2.1)
    hue-lib (0.7.3)
      json
    i18n (0.7.0)
    ice_nine (0.11.1)
    json (1.8.3)
    lita (4.5.0)
      bundler (>= 1.3)
      faraday (>= 0.8.7)
      http_router (>= 0.11.2)
      i18n (>= 0.6.9)
      ice_nine (>= 0.11.0)
      multi_json (>= 1.7.7)
      puma (>= 2.7.1)
      rack (>= 1.5.2)
      rb-readline (>= 0.5.1)
      redis-namespace (>= 1.3.0)
      thor (>= 0.18.1)
    lita-meme (0.2.2)
      lita (>= 4.4)
    lita-slack (1.5.0)
      eventmachine
      faraday
      faye-websocket (>= 0.8.0)
      lita (>= 4.4.2)
      multi_json
    mini_portile (0.6.2)
    multi_json (1.11.2)
    multipart-post (2.0.0)
    nokogiri (1.6.6.2)
      mini_portile (~> 0.6.0)
    plex-ruby (1.5.3)
      nokogiri
    puma (2.13.4)
    rack (1.6.4)
    rb-readline (0.5.3)
    redis (3.2.1)
    redis-namespace (1.5.2)
      redis (~> 3.0, >= 3.0.4)
    thor (0.19.1)
    url_mount (0.2.1)
      rack
    websocket-driver (0.6.2)
      websocket-extensions (>= 0.1.0)
    websocket-extensions (0.1.2)

PLATFORMS
  ruby

DEPENDENCIES
  fuzzy_match
  lita
  lita-hue!
  lita-meme
  lita-slack
  plex-ruby
