GIT
  remote: https://github.com/donaldguy/lita-hue.git
  revision: ddbd6b62f8065db14d2d4e6685de1735b517f21d
  specs:
    lita-hue (0.1.0.pre)
      css_color
      hue-lib
      lita (>= 4.5)

GEM
  remote: https://rubygems.org/
  specs:
    color (1.8)
    concurrent-ruby (1.1.8)
    css_color (1.0.1)
      color
    eventmachine (1.2.7)
    faraday (1.3.0)
      faraday-net_http (~> 1.0)
      multipart-post (>= 1.2, < 3)
      ruby2_keywords
    faraday-net_http (1.0.1)
    faye-websocket (0.11.0)
      eventmachine (>= 0.12.0)
      websocket-driver (>= 0.5.1)
    fuzzy_match (2.1.0)
    http_router (0.11.2)
      rack (>= 1.0.0)
      url_mount (~> 0.2.1)
    hue-lib (0.7.4)
      json
    i18n (1.8.9)
      concurrent-ruby (~> 1.0)
    ice_nine (0.11.2)
    json (2.5.1)
    lita (4.8.0)
      bundler (>= 2.0)
      faraday (>= 1.0)
      http_router (>= 0.11)
      i18n (>= 1.8)
      ice_nine (>= 0.11)
      multi_json (>= 1.15)
      puma (>= 4.3)
      rack (>= 2.2)
      rb-readline (>= 0.5)
      redis-namespace (>= 1.7)
      thor (>= 1.0)
    lita-meme (0.2.3)
      lita (>= 4.4)
    lita-slack (1.8.0)
      eventmachine
      faraday
      faye-websocket (>= 0.8.0)
      lita (>= 4.7.1)
      multi_json
    mini_portile2 (2.8.0)
    multi_json (1.15.0)
    multipart-post (2.1.1)
    nio4r (2.5.7)
    nokogiri (1.13.4)
      mini_portile2 (~> 2.8.0)
      racc (~> 1.4)
    plex-ruby (1.5.3)
      nokogiri
    puma (5.2.2)
      nio4r (~> 2.0)
    racc (1.6.0)
    rack (2.2.3)
    rb-readline (0.5.5)
    redis (4.2.5)
    redis-namespace (1.8.1)
      redis (>= 3.0.4)
    ruby2_keywords (0.0.4)
    thor (1.1.0)
    url_mount (0.2.1)
      rack
    websocket-driver (0.7.3)
      websocket-extensions (>= 0.1.0)
    websocket-extensions (0.1.5)

PLATFORMS
  ruby

DEPENDENCIES
  fuzzy_match
  lita
  lita-hue!
  lita-meme
  lita-slack
  plex-ruby

BUNDLED WITH
   2.2.3
